PATH
  remote: .
  specs:
    bitballoon (0.2.6)
      highline (~> 1.6.21)
      oauth2 (~> 1.1.0)
      slop (~> 3.6.0)

GEM
  remote: https://rubygems.org/
  specs:
    addressable (2.3.3)
    crack (0.3.2)
    faraday (0.9.2)
      multipart-post (>= 1.2, < 3)
    highline (1.6.21)
    jwt (1.5.1)
    minitest (5.0.8)
    multi_json (1.13.1)
    multi_xml (0.6.0)
    multipart-post (2.1.1)
    oauth2 (1.1.0)
      faraday (>= 0.8, < 0.10)
      jwt (~> 1.0, < 1.5.2)
      multi_json (~> 1.3)
      multi_xml (~> 0.5)
      rack (>= 1.2, < 3)
    rack (2.0.7)
    rake (12.3.2)
    slop (3.6.0)
    webmock (1.11.0)
      addressable (>= 2.2.7)
      crack (>= 0.3.2)

PLATFORMS
  ruby

DEPENDENCIES
  bitballoon!
  minitest
  rake
  webmock

BUNDLED WITH
   2.0.1
