PATH
  remote: .
  specs:
    bitballoon (0.0.11)
      highline
      oauth2 (>= 0.9.2)
      slop

GEM
  remote: https://rubygems.org/
  specs:
    addressable (2.3.3)
    crack (0.3.2)
    faraday (0.8.8)
      multipart-post (~> 1.2.0)
    highline (1.6.20)
    httpauth (0.2.0)
    jwt (0.1.8)
      multi_json (>= 1.5)
    minitest (5.0.8)
    multi_json (1.8.2)
    multi_xml (0.5.5)
    multipart-post (1.2.0)
    oauth2 (0.9.2)
      faraday (~> 0.8)
      httpauth (~> 0.2)
      jwt (~> 0.1.4)
      multi_json (~> 1.0)
      multi_xml (~> 0.5)
      rack (~> 1.2)
    rack (1.5.2)
    slop (3.4.6)
    webmock (1.11.0)
      addressable (>= 2.2.7)
      crack (>= 0.3.2)

PLATFORMS
  ruby

DEPENDENCIES
  bitballoon!
  minitest
  webmock
